PATH
  remote: .
  specs:
    s3gzip (1.0.1)
      aws-sdk (~> 1.51.0)
      s3io (~> 1.0.0)

GEM
  remote: https://rubygems.org/
  specs:
    aws-sdk (1.51.0)
      json (~> 1.4)
      nokogiri (>= 1.4.4)
    json (1.8.1)
    mini_portile (0.6.0)
    nokogiri (1.6.3.1)
      mini_portile (= 0.6.0)
    s3io (1.0.0)
      aws-sdk

PLATFORMS
  ruby

DEPENDENCIES
  s3gzip!
