PATH
  remote: .
  specs:
    s3gzip (1.0.1)
      aws-sdk (~> 1.34.0)
      s3io (~> 1.0.0)

GEM
  remote: https://rubygems.org/
  specs:
    aws-sdk (1.34.1)
      json (~> 1.4)
      nokogiri (>= 1.4.4)
      uuidtools (~> 2.1)
    json (1.8.1)
    mini_portile (0.5.2)
    nokogiri (1.6.1)
      mini_portile (~> 0.5.0)
    s3io (1.0.0)
      aws-sdk
    uuidtools (2.1.4)

PLATFORMS
  ruby

DEPENDENCIES
  s3gzip!
